GEM
  remote: http://rubygems.org/
  remote: https://gem.fury.io/eh-devops/
  specs:
    activesupport (5.2.1)
      concurrent-ruby (~> 1.0, >= 1.0.2)
      i18n (>= 0.7, < 2)
      minitest (~> 5.1)
      tzinfo (~> 1.1)
    addressable (2.5.2)
      public_suffix (>= 2.0.2, < 4.0)
    ast (2.4.0)
    backports (3.11.4)
    bond (0.5.1)
    byebug (10.0.2)
    claide (1.0.2)
    claide-plugins (0.9.2)
      cork
      nap
      open4 (~> 1.3)
    coderay (1.1.2)
    colored2 (3.1.2)
    concurrent-ruby (1.0.5)
    cork (0.3.0)
      colored2 (~> 3.1)
    danger (5.6.7)
      claide (~> 1.0)
      claide-plugins (>= 0.9.2)
      colored2 (~> 3.1)
      cork (~> 0.1)
      faraday (~> 0.9)
      faraday-http-cache (~> 1.0)
      git (~> 1.5)
      kramdown (~> 1.5)
      no_proxy_fix
      octokit (~> 4.7)
      terminal-table (~> 1)
    danger-commit_lint (0.0.6)
      danger (~> 5.0)
    danger-plugin-api (1.0.0)
      danger (> 2.0)
    danger-rubocop (0.6.0)
      danger
      rubocop
    danger-simplecov_json (0.3.0)
      danger-plugin-api (~> 1.0)
    database_cleaner (1.7.0)
    delivery_boy (0.2.7)
      king_konf (~> 0.2)
      ruby-kafka (~> 0.5)
    diff-lcs (1.3)
    digest-crc (0.4.1)
    dotenv (2.5.0)
    dry-configurable (0.7.0)
      concurrent-ruby (~> 1.0)
    dry-container (0.6.0)
      concurrent-ruby (~> 1.0)
      dry-configurable (~> 0.1, >= 0.1.3)
    dry-core (0.4.7)
      concurrent-ruby (~> 1.0)
    dry-equalizer (0.2.1)
    dry-events (0.1.0)
      concurrent-ruby (~> 1.0)
      dry-core (~> 0.4)
      dry-equalizer (~> 0.2)
    dry-inflector (0.1.2)
    dry-logic (0.4.2)
      dry-container (~> 0.2, >= 0.2.6)
      dry-core (~> 0.2)
      dry-equalizer (~> 0.2)
    dry-monitor (0.1.2)
      dry-configurable (~> 0.5)
      dry-equalizer (~> 0.2)
      dry-events (~> 0.1)
      rouge (~> 2.0, >= 2.2.1)
    dry-types (0.13.2)
      concurrent-ruby (~> 1.0)
      dry-container (~> 0.3)
      dry-core (~> 0.4, >= 0.4.4)
      dry-equalizer (~> 0.2)
      dry-inflector (~> 0.1, >= 0.1.2)
      dry-logic (~> 0.4, >= 0.4.2)
    dry-validation (0.12.2)
      concurrent-ruby (~> 1.0)
      dry-configurable (~> 0.1, >= 0.1.3)
      dry-core (~> 0.2, >= 0.2.1)
      dry-equalizer (~> 0.2)
      dry-logic (~> 0.4, >= 0.4.0)
      dry-types (~> 0.13.1)
    eh_micro (0.1.2)
    eh_monitoring (0.4.4)
      opencensus-jaeger (~> 0.1.10)
      prometheus-client (~> 0.8.0)
      rack (>= 1.0)
    envlogic (1.1.0)
      dry-inflector (~> 0.1)
    faraday (0.15.3)
      multipart-post (>= 1.2, < 3)
    faraday-http-cache (1.3.1)
      faraday (~> 0.8)
    git (1.5.0)
    i18n (1.1.0)
      concurrent-ruby (~> 1.0)
    karafka (1.2.8)
      activesupport (>= 4.0)
      dry-configurable (~> 0.7)
      dry-inflector (~> 0.1.1)
      dry-monitor (~> 0.1)
      dry-validation (~> 0.11)
      envlogic (~> 1.0)
      multi_json (>= 1.12)
      rake (>= 11.3)
      require_all (>= 1.4)
      ruby-kafka (>= 0.6)
      thor (~> 0.19)
      waterdrop (~> 1.2.4)
    king_konf (0.3.6)
    kramdown (1.17.0)
    method_source (0.9.0)
    minitest (5.11.3)
    multi_json (1.13.1)
    multipart-post (2.0.0)
    mustermann (1.0.3)
    nap (1.1.0)
    no_proxy_fix (0.1.2)
    null-logger (0.1.5)
    octokit (4.12.0)
      sawyer (~> 0.8.0, >= 0.5.3)
    open4 (1.3.4)
    opencensus (0.4.0)
    opencensus-jaeger (0.1.10)
      opencensus (~> 0.4.0)
      thrift (~> 0.11.0)
    parallel (1.12.1)
    parser (2.5.1.2)
      ast (~> 2.4.0)
    pg (0.20.0)
    powerpack (0.1.2)
    prometheus-client (0.8.0)
      quantile (~> 0.2.1)
    pry (0.11.3)
      coderay (~> 1.1.0)
      method_source (~> 0.9.0)
    pry-byebug (3.6.0)
      byebug (~> 10.0)
      pry (~> 0.10)
    public_suffix (3.0.3)
    puma (3.12.0)
    quantile (0.2.1)
    rack (2.0.6)
    rack-cors (1.0.2)
    rack-parser (0.7.0)
      rack
    rack-protection (2.0.4)
      rack
    rack-test (1.1.0)
      rack (>= 1.0, < 3)
    rainbow (3.0.0)
    rake (12.3.1)
    require_all (2.0.0)
    ripl (0.7.1)
      bond (~> 0.5.1)
    ripl-multi_line (0.3.1)
      ripl (>= 0.3.6)
    ripl-rack (0.2.0)
      rack (>= 1.0)
      rack-test (>= 0.5)
      ripl (>= 0.3.5)
    rouge (2.2.1)
    rspec (3.8.0)
      rspec-core (~> 3.8.0)
      rspec-expectations (~> 3.8.0)
      rspec-mocks (~> 3.8.0)
    rspec-collection_matchers (1.1.3)
      rspec-expectations (>= 2.99.0.beta1)
    rspec-core (3.8.0)
      rspec-support (~> 3.8.0)
    rspec-expectations (3.8.1)
      diff-lcs (>= 1.2.0, < 2.0)
      rspec-support (~> 3.8.0)
    rspec-mocks (3.8.0)
      diff-lcs (>= 1.2.0, < 2.0)
      rspec-support (~> 3.8.0)
    rspec-support (3.8.0)
    rspec_junit_formatter (0.4.1)
      rspec-core (>= 2, < 4, != 2.12.0)
    rubocop (0.53.0)
      parallel (~> 1.10)
      parser (>= 2.5)
      powerpack (~> 0.1)
      rainbow (>= 2.2.2, < 4.0)
      ruby-progressbar (~> 1.7)
      unicode-display_width (~> 1.0, >= 1.0.1)
    ruby-kafka (0.7.2)
      digest-crc
    ruby-progressbar (1.10.0)
    sawyer (0.8.1)
      addressable (>= 2.3.5, < 2.6)
      faraday (~> 0.8, < 1.0)
    sentry-raven (2.7.4)
      faraday (>= 0.7.6, < 1.0)
    sequel (5.13.0)
    sinatra (2.0.4)
      mustermann (~> 1.0)
      rack (~> 2.0)
      rack-protection (= 2.0.4)
      tilt (~> 2.0)
    sinatra-contrib (2.0.4)
      activesupport (>= 4.0.0)
      backports (>= 2.8.2)
      multi_json
      mustermann (~> 1.0)
      rack-protection (= 2.0.4)
      sinatra (= 2.0.4)
      tilt (>= 1.3, < 3)
    terminal-table (1.8.0)
      unicode-display_width (~> 1.1, >= 1.1.1)
    thor (0.20.0)
    thread_safe (0.3.6)
    thrift (0.11.0.0)
    tilt (2.0.8)
    tux (0.3.0)
      ripl (>= 0.3.5)
      ripl-multi_line (>= 0.2.4)
      ripl-rack (>= 0.2.0)
      sinatra (>= 1.2.1)
    tzinfo (1.2.5)
      thread_safe (~> 0.1)
    unicode-display_width (1.4.0)
    waterdrop (1.2.4)
      delivery_boy (~> 0.2)
      dry-configurable (~> 0.7)
      dry-monitor (~> 0.1)
      dry-validation (~> 0.11)
      null-logger (~> 0.1)
      ruby-kafka (>= 0.6)

PLATFORMS
  ruby

DEPENDENCIES
  byebug
  danger
  danger-commit_lint
  danger-rubocop (= 0.6.0)
  danger-simplecov_json
  database_cleaner
  dotenv
  eh_micro (= 0.1.2)!
  eh_monitoring!
  karafka
  pg (~> 0.20.0)
  pry-byebug
  puma
  rack (>= 2.0.6)
  rack-cors
  rack-parser
  rack-test
  rake
  require_all
  rspec
  rspec-collection_matchers
  rspec_junit_formatter
  rubocop (= 0.53.0)
  ruby-kafka
  sentry-raven
  sequel
  sinatra
  sinatra-contrib
  tux

BUNDLED WITH
   1.17.1
